GEM
  remote: https://rubygems.org/
  specs:
    ast (2.4.2)
    chef-utils (18.2.7)
      concurrent-ruby
    concurrent-ruby (1.2.2)
    kramdown (2.4.0)
      rexml
    kramdown-parser-gfm (1.1.0)
      kramdown (~> 2.0)
    mdl (0.11.0)
      kramdown (~> 2.3)
      kramdown-parser-gfm (~> 1.1)
      mixlib-cli (~> 2.1, >= 2.1.1)
      mixlib-config (>= 2.2.1, < 4)
      mixlib-shellout
    mixlib-cli (2.1.8)
    mixlib-config (3.0.27)
      tomlrb
    mixlib-shellout (3.2.7)
      chef-utils
    parallel (1.22.1)
    parser (3.2.2.0)
      ast (~> 2.4.1)
    rainbow (3.1.1)
    regexp_parser (2.7.0)
    rexml (3.2.5)
    rubocop (1.3.1)
      parallel (~> 1.10)
      parser (>= 2.7.1.5)
      rainbow (>= 2.2.2, < 4.0)
      regexp_parser (>= 1.8)
      rexml
      rubocop-ast (>= 1.1.1)
      ruby-progressbar (~> 1.7)
      unicode-display_width (>= 1.4.0, < 2.0)
    rubocop-ast (1.28.0)
      parser (>= 3.2.1.0)
    rubocop-packaging (0.5.1)
      rubocop (>= 0.89, < 2.0)
    rubocop-performance (1.10.2)
      rubocop (>= 0.90.0, < 2.0)
      rubocop-ast (>= 0.4.0)
    ruby-progressbar (1.13.0)
    tomlrb (2.0.3)
    unicode-display_width (1.8.0)
    yard (0.9.26)

PLATFORMS
  ruby
  x86_64-linux

DEPENDENCIES
  mdl (= 0.11.0)
  rubocop (= 1.3.1)
  rubocop-packaging (~> 0.5, >= 0.5.1)
  rubocop-performance (~> 1.10, >= 1.10.2)
  yard (= 0.9.26)

BUNDLED WITH
   2.1.4
